PATH
  remote: .
  specs:
    quickcite (1.0.8)
      bibtex-ruby (>= 2.0)
      bundler
      json
      nokogiri

GEM
  remote: http://rubygems.org/
  specs:
    bibtex-ruby (2.3.4)
      latex-decode (>= 0.0.6)
      multi_json (~> 1.3)
    json (1.8.1)
    latex-decode (0.1.1)
      unicode (~> 0.4)
    multi_json (1.5.0)
    nokogiri (1.5.6)
    unicode (0.4.4)

PLATFORMS
  ruby

DEPENDENCIES
  quickcite!
