PATH
  remote: .
  specs:
    quickcite (1.0.0)
      bibtex-ruby (>= 2.0)
      json

GEM
  remote: http://rubygems.org/
  specs:
    addressable (2.2.8)
    bibtex-ruby (2.0.12)
      latex-decode (>= 0.0.6)
      multi_json (~> 1.3)
    highline (1.6.13)
    json (1.7.3)
    latex-decode (0.0.12)
      unicode (~> 0.4)
    multi_json (1.3.6)
    nokogiri (1.5.5)
    unicode (0.4.2)

PLATFORMS
  ruby

DEPENDENCIES
  addressable
  bundler
  highline
  nokogiri
  quickcite!
