GEM
  remote: http://rubygems.org/
  specs:
    bibtex-ruby (2.0.12)
      latex-decode (>= 0.0.6)
      multi_json (~> 1.3)
    json (1.7.3)
    latex-decode (0.0.12)
      unicode (~> 0.4)
    multi_json (1.3.6)
    unicode (0.4.2)

PLATFORMS
  ruby

DEPENDENCIES
  bibtex-ruby (>= 2.0)
  json
